GEM
  remote: https://rubygems.org/
  specs:
    mini_portile2 (2.3.0)
    nokogiri (1.8.4)
      mini_portile2 (~> 2.3.0)
    rubyzip (1.2.2)

PLATFORMS
  ruby

DEPENDENCIES
  nokogiri
  rubyzip

BUNDLED WITH
   1.16.5
