GEM
  remote: https://rubygems.org/
  specs:
    mini_portile2 (2.0.0)
    nokogiri (1.6.7.2)
      mini_portile2 (~> 2.0.0.rc2)
    rubyzip (1.2.0)

PLATFORMS
  ruby

DEPENDENCIES
  nokogiri
  rubyzip

BUNDLED WITH
   1.12.0
